GIT
  remote: git://github.com/technicalpickles/jeweler.git
  revision: f1a62a72ca08a0f707a83541414ff9d36c875c90
  specs:
    jeweler (2.3.9)
      builder
      bundler
      git (>= 1.2.5)
      github_api (~> 0.16.0)
      highline (>= 1.6.15)
      nokogiri (>= 1.5.10)
      psych
      rake
      rdoc
      semver2

GEM
  remote: http://rubygems.org/
  specs:
    activesupport (5.2.0)
      concurrent-ruby (~> 1.0, >= 1.0.2)
      i18n (>= 0.7, < 2)
      minitest (~> 5.1)
      tzinfo (~> 1.1)
    addressable (2.4.0)
    builder (3.2.3)
    choice (0.2.0)
    concurrent-ruby (1.0.5)
    descendants_tracker (0.0.4)
      thread_safe (~> 0.3, >= 0.3.1)
    faraday (0.9.2)
      multipart-post (>= 1.2, < 3)
    git (1.3.0)
    github_api (0.16.0)
      addressable (~> 2.4.0)
      descendants_tracker (~> 0.0.4)
      faraday (~> 0.8, < 0.10)
      hashie (>= 3.4)
      mime-types (>= 1.16, < 3.0)
      oauth2 (~> 1.0)
    hashie (3.5.7)
    highline (1.7.10)
    i18n (1.0.1)
      concurrent-ruby (~> 1.0)
    jwt (1.5.6)
    mime-types (2.99.3)
    mini_portile2 (2.3.0)
    minitest (5.11.3)
    multi_json (1.13.1)
    multi_xml (0.6.0)
    multipart-post (2.0.0)
    nokogiri (1.8.2)
      mini_portile2 (~> 2.3.0)
    oauth2 (1.4.0)
      faraday (>= 0.8, < 0.13)
      jwt (~> 1.0)
      multi_json (~> 1.3)
      multi_xml (~> 0.5)
      rack (>= 1.2, < 3)
    psych (3.0.2)
    rack (2.0.5)
    rake (12.3.1)
    rdoc (6.0.3)
    require_all (2.0.0)
    semver2 (3.4.2)
    thread_safe (0.3.6)
    tzinfo (1.2.5)
      thread_safe (~> 0.1)

PLATFORMS
  ruby

DEPENDENCIES
  activesupport
  bundler (~> 1.0)
  choice
  jeweler!
  require_all

BUNDLED WITH
   1.16.1
